GEM
  remote: https://rubygems.org/
  specs:
    actionmailer (4.0.0)
      actionpack (= 4.0.0)
      mail (~> 2.5.3)
    actionpack (4.0.0)
      activesupport (= 4.0.0)
      builder (~> 3.1.0)
      erubis (~> 2.7.0)
      rack (~> 1.5.2)
      rack-test (~> 0.6.2)
    activemodel (4.0.0)
      activesupport (= 4.0.0)
      builder (~> 3.1.0)
    activerecord (4.0.0)
      activemodel (= 4.0.0)
      activerecord-deprecated_finders (~> 1.0.2)
      activesupport (= 4.0.0)
      arel (~> 4.0.0)
    activerecord-deprecated_finders (1.0.4)
    activesupport (4.0.0)
      i18n (~> 0.6, >= 0.6.4)
      minitest (~> 4.2)
      multi_json (~> 1.3)
      thread_safe (~> 0.1)
      tzinfo (~> 0.3.37)
    arel (4.0.2)
    axlsx (2.0.1)
      htmlentities (~> 4.3.1)
      nokogiri (>= 1.4.1)
      rubyzip (~> 1.0.0)
    axlsx_rails (0.5.0)
      actionpack (>= 3.1)
      axlsx (>= 2.0.1)
    bcrypt (3.1.11)
    bcrypt (3.1.11-x86-mingw32)
    bootstrap-datetimepicker-rails (0.0.11)
    bootstrap-sass (3.1.1.1)
      sass (~> 3.2)
    builder (3.1.4)
    cancancan (1.15.0)
    carrierwave (0.11.2)
      activemodel (>= 3.2.0)
      activesupport (>= 3.2.0)
      json (>= 1.7)
      mime-types (>= 1.16)
      mimemagic (>= 0.3.0)
    coffee-rails (4.0.1)
      coffee-script (>= 2.2.0)
      railties (>= 4.0.0, < 5.0)
    coffee-script (2.4.1)
      coffee-script-source
      execjs
    coffee-script-source (1.10.0)
    daemons (1.2.4)
    devise (3.5.10)
      bcrypt (~> 3.0)
      orm_adapter (~> 0.1)
      railties (>= 3.2.6, < 5)
      responders
      thread_safe (~> 0.1)
      warden (~> 1.2.3)
    erubis (2.7.0)
    eventmachine (1.2.0.1)
    eventmachine (1.2.0.1-x86-mingw32)
    execjs (2.7.0)
    haml (4.0.7)
      tilt
    haml-rails (0.5.1)
      actionpack (~> 4.0.0)
      activesupport (~> 4.0.0)
      haml (>= 3.1, < 5.0)
      railties (~> 4.0.0)
    hike (1.2.3)
    htmlentities (4.3.4)
    i18n (0.7.0)
    jbuilder (1.5.3)
      activesupport (>= 3.0.0)
      multi_json (>= 1.2.0)
    jquery-rails (3.1.4)
      railties (>= 3.0, < 5.0)
      thor (>= 0.14, < 2.0)
    json (1.8.3)
    kaminari (0.17.0)
      actionpack (>= 3.0.0)
      activesupport (>= 3.0.0)
    mail (2.5.4)
      mime-types (~> 1.16)
      treetop (~> 1.4.8)
    mime-types (1.25.1)
    mimemagic (0.3.2)
    mini_portile2 (2.1.0)
    minitest (4.7.5)
    multi_json (1.12.1)
    mysql2 (0.3.21)
    mysql2 (0.3.21-x86-mingw32)
    nokogiri (1.6.8)
      mini_portile2 (~> 2.1.0)
      pkg-config (~> 1.1.7)
    nokogiri (1.6.8-x86-mingw32)
      mini_portile2 (~> 2.1.0)
      pkg-config (~> 1.1.7)
    orm_adapter (0.5.0)
    pkg-config (1.1.7)
    polyglot (0.3.5)
    pr_geohash (1.0.0)
    rack (1.5.5)
    rack-test (0.6.3)
      rack (>= 1.0)
    rails (4.0.0)
      actionmailer (= 4.0.0)
      actionpack (= 4.0.0)
      activerecord (= 4.0.0)
      activesupport (= 4.0.0)
      bundler (>= 1.3.0, < 2.0)
      railties (= 4.0.0)
      sprockets-rails (~> 2.0.0)
    railties (4.0.0)
      actionpack (= 4.0.0)
      activesupport (= 4.0.0)
      rake (>= 0.8.7)
      thor (>= 0.18.1, < 2.0)
    rake (11.2.2)
    rdoc (4.2.2)
      json (~> 1.4)
    responders (1.1.2)
      railties (>= 3.2, < 4.2)
    roo (1.13.2)
      nokogiri
      rubyzip
      spreadsheet (> 0.6.4)
    rsolr (1.0.13)
      builder (>= 2.1.2)
    ruby-ole (1.2.12)
    rubyzip (1.0.0)
    sass (3.2.19)
    sass-rails (4.0.5)
      railties (>= 4.0.0, < 5.0)
      sass (~> 3.2.2)
      sprockets (~> 2.8, < 3.0)
      sprockets-rails (~> 2.0)
    sdoc (0.4.1)
      json (~> 1.7, >= 1.7.7)
      rdoc (~> 4.0)
    spreadsheet (1.1.3)
      ruby-ole (>= 1.0)
    sprockets (2.12.4)
      hike (~> 1.2)
      multi_json (~> 1.0)
      rack (~> 1.0)
      tilt (~> 1.1, != 1.3.0)
    sprockets-rails (2.0.1)
      actionpack (>= 3.0)
      activesupport (>= 3.0)
      sprockets (~> 2.8)
    sunspot (2.1.0)
      pr_geohash (~> 1.0)
      rsolr (~> 1.0.7)
    sunspot_rails (2.1.0)
      nokogiri
      rails (>= 3)
      sunspot (= 2.1.0)
    sunspot_solr (2.1.0)
    thin (1.6.2)
      daemons (>= 1.0.9)
      eventmachine (>= 1.0.0)
      rack (>= 1.0.0)
    thor (0.19.1)
    thread_safe (0.3.5)
    tilt (1.4.1)
    treetop (1.4.15)
      polyglot
      polyglot (>= 0.3.1)
    turbolinks (5.0.1)
      turbolinks-source (~> 5)
    turbolinks-source (5.0.0)
    tzinfo (0.3.51)
    uglifier (3.0.2)
      execjs (>= 0.3.0, < 3)
    warden (1.2.6)
      rack (>= 1.0)
    wicked_pdf (1.1.0)
    wkhtmltopdf-binary (0.12.3)

PLATFORMS
  ruby
  x86-mingw32

DEPENDENCIES
  axlsx
  axlsx_rails
  bootstrap-datetimepicker-rails
  bootstrap-sass (= 3.1.1.1)
  cancancan
  carrierwave
  coffee-rails (~> 4.0.0)
  devise
  haml
  haml-rails
  jbuilder (~> 1.2)
  jquery-rails
  kaminari
  mysql2 (~> 0.3.16)
  rails (= 4.0.0)
  roo
  sass-rails (~> 4.0.0)
  sdoc
  sunspot_rails (= 2.1.0)
  sunspot_solr (= 2.1.0)
  thin (= 1.6.2)
  turbolinks
  uglifier (>= 1.3.0)
  wicked_pdf
  wkhtmltopdf-binary
